GIT
  remote: git://github.com/berkshelf/berkshelf.git
  revision: eb7fc61e861e9830374c45bcafdc0ae07b54117b
  specs:
    berkshelf (3.0.0.beta6)
      addressable (~> 2.3.4)
      berkshelf-api-client (~> 1.1)
      buff-config (~> 0.2)
      buff-extensions (~> 0.4)
      buff-shell_out (~> 0.1)
      faraday (~> 0.8.5)
      minitar (~> 0.5.4)
      octokit (~> 2.6)
      retryable (~> 1.3.3)
      ridley (~> 2.3)
      solve (>= 0.8.0)
      thor (~> 0.18.0)

GIT
  remote: git://github.com/berkshelf/vagrant-berkshelf.git
  revision: 8fca7b2f00899d5c51ffd88fc19cbbcd92479e94
  specs:
    vagrant-berkshelf (1.4.0.dev1)
      berkshelf (>= 3.0.0.beta3)

GIT
  remote: git://github.com/mitchellh/vagrant.git
  revision: 4f0eb9504cc786d5a57a43814427e8eb35407a4c
  ref: v1.4.3
  specs:
    vagrant (1.4.3)
      childprocess (~> 0.3.7)
      erubis (~> 2.7.0)
      i18n (~> 0.6.0)
      log4r (~> 1.1.9)
      net-scp (~> 1.1.0)
      net-ssh (>= 2.6.6, < 2.8.0)

GIT
  remote: git://github.com/schisamo/vagrant-omnibus.git
  revision: 82d4c11ee4182cf273e583f35105bc7207ab03e1
  specs:
    vagrant-omnibus (1.2.1)

GIT
  remote: git://github.com/test-kitchen/test-kitchen.git
  revision: a04a864f4d4998204cdab855bd5a4ef15fc889ba
  specs:
    test-kitchen (1.2.2.dev)
      mixlib-shellout (~> 1.2)
      net-scp (~> 1.1)
      net-ssh (~> 2.7)
      safe_yaml (~> 1.0)
      thor (~> 0.18)

GEM
  remote: https://rubygems.org/
  specs:
    addressable (2.3.5)
    berkshelf-api-client (1.1.1)
      faraday (~> 0.8.5)
    buff-config (0.4.0)
      buff-extensions (~> 0.3)
      varia_model (~> 0.1)
    buff-extensions (0.5.0)
    buff-ignore (1.1.1)
    buff-ruby_engine (0.1.0)
    buff-shell_out (0.1.1)
      buff-ruby_engine (~> 0.1.0)
    builder (3.2.2)
    celluloid (0.15.2)
      timers (~> 1.1.0)
    celluloid-io (0.15.0)
      celluloid (>= 0.15.0)
      nio4r (>= 0.5.0)
    chef (11.10.2)
      chef-zero (~> 1.7, >= 1.7.2)
      diff-lcs (~> 1.2, >= 1.2.4)
      erubis (~> 2.7)
      highline (~> 1.6, >= 1.6.9)
      json (>= 1.4.4, <= 1.8.1)
      mime-types (~> 1.16)
      mixlib-authentication (~> 1.3)
      mixlib-cli (~> 1.4)
      mixlib-config (~> 2.0)
      mixlib-log (~> 1.3)
      mixlib-shellout (~> 1.3)
      net-ssh (~> 2.6)
      net-ssh-multi (~> 1.1)
      ohai (~> 6.0)
      pry (~> 0.9)
      puma (~> 1.6)
      rest-client (>= 1.0.4, < 1.7.0)
      yajl-ruby (~> 1.1)
    chef-zero (1.7.3)
      hashie (~> 2.0)
      json
      mixlib-log (~> 1.3)
      moneta (< 0.7.0)
      rack
    childprocess (0.3.9)
      ffi (~> 1.0, >= 1.0.11)
    coderay (1.1.0)
    diff-lcs (1.2.5)
    erubis (2.7.0)
    excon (0.31.0)
    faraday (0.8.9)
      multipart-post (~> 1.2.0)
    ffi (1.9.3)
    fog (1.20.0)
      builder
      excon (~> 0.31.0)
      formatador (~> 0.2.0)
      mime-types
      multi_json (~> 1.0)
      net-scp (~> 1.1)
      net-ssh (>= 2.1.3)
      nokogiri (>= 1.5.11)
    foodcritic (3.0.3)
      erubis
      gherkin (~> 2.11.7)
      nokogiri (~> 1.5.4)
      rake
      treetop (~> 1.4.10)
      yajl-ruby (~> 1.1.0)
    formatador (0.2.4)
    gherkin (2.11.8)
      multi_json (~> 1.3)
    hashie (2.0.5)
    highline (1.6.20)
    i18n (0.6.9)
    ipaddress (0.8.0)
    json (1.8.1)
    kitchen-ec2 (0.8.0)
      fog
      test-kitchen (~> 1.0)
    kitchen-vagrant (0.14.0)
      test-kitchen (~> 1.0)
    log4r (1.1.10)
    method_source (0.8.2)
    mime-types (1.25.1)
    minitar (0.5.4)
    mixlib-authentication (1.3.0)
      mixlib-log
    mixlib-cli (1.4.0)
    mixlib-config (2.1.0)
    mixlib-log (1.6.0)
    mixlib-shellout (1.3.0)
    moneta (0.6.0)
    multi_json (1.8.4)
    multipart-post (1.2.0)
    net-http-persistent (2.9.4)
    net-scp (1.1.2)
      net-ssh (>= 2.6.5)
    net-ssh (2.7.0)
    net-ssh-gateway (1.2.0)
      net-ssh (>= 2.6.5)
    net-ssh-multi (1.2.0)
      net-ssh (>= 2.6.5)
      net-ssh-gateway (>= 1.2.0)
    nio4r (1.0.0)
    nokogiri (1.5.11)
    octokit (2.7.1)
      sawyer (~> 0.5.2)
    ohai (6.20.0)
      ipaddress
      mixlib-cli
      mixlib-config
      mixlib-log
      mixlib-shellout
      systemu (~> 2.5.2)
      yajl-ruby
    polyglot (0.3.4)
    pry (0.9.12.6)
      coderay (~> 1.0)
      method_source (~> 0.8)
      slop (~> 3.4)
    puma (1.6.3)
      rack (~> 1.2)
    rack (1.5.2)
    rake (10.1.1)
    rest-client (1.6.7)
      mime-types (>= 1.16)
    retryable (1.3.5)
    ridley (2.5.1)
      addressable
      buff-config (~> 0.2)
      buff-extensions (~> 0.3)
      buff-ignore (~> 1.1)
      buff-shell_out (~> 0.1)
      celluloid (~> 0.15)
      celluloid-io (~> 0.15)
      erubis
      faraday (~> 0.8.4)
      hashie (>= 2.0.2)
      json (>= 1.7.7)
      mixlib-authentication (>= 1.3.0)
      net-http-persistent (>= 2.8)
      retryable
      solve (>= 0.4.4)
      varia_model (~> 0.3)
    safe_yaml (1.0.1)
    sawyer (0.5.3)
      addressable (~> 2.3.5)
      faraday (~> 0.8, < 0.10)
    slop (3.4.7)
    solve (0.8.2)
    systemu (2.5.2)
    thor (0.18.1)
    timers (1.1.0)
    treetop (1.4.15)
      polyglot
      polyglot (>= 0.3.1)
    unf (0.1.3)
      unf_ext
    unf_ext (0.0.6)
    vagrant-wrapper (1.2.1.1)
    varia_model (0.3.2)
      buff-extensions (~> 0.2)
      hashie (>= 2.0.2)
    yajl-ruby (1.1.0)

PLATFORMS
  ruby

DEPENDENCIES
  berkshelf!
  chef (~> 11.10)
  foodcritic (>= 3.0.3)
  kitchen-ec2
  kitchen-vagrant
  test-kitchen!
  unf
  vagrant!
  vagrant-berkshelf!
  vagrant-omnibus!
  vagrant-wrapper
